PATH
  remote: .
  specs:
    massive_record (0.2.3)
      activemodel (~> 3.0.7)
      activesupport (~> 3.0.7, < 3.0.20)
      thin
      thrift (~> 0.9.0)
      tzinfo

GEM
  remote: http://rubygems.org/
  specs:
    activemodel (3.0.19)
      activesupport (= 3.0.19)
      builder (~> 2.1.2)
      i18n (~> 0.5.0)
    activesupport (3.0.19)
    atomic (1.1.14)
    builder (2.1.2)
    daemons (1.1.9)
    diff-lcs (1.1.3)
    eventmachine (1.0.3)
    i18n (0.5.0)
    rack (1.5.2)
    rspec (2.8.0)
      rspec-core (~> 2.8.0)
      rspec-expectations (~> 2.8.0)
      rspec-mocks (~> 2.8.0)
    rspec-core (2.8.0)
    rspec-expectations (2.8.0)
      diff-lcs (~> 1.1.2)
    rspec-mocks (2.8.0)
    thin (1.6.0)
      daemons (>= 1.0.9)
      eventmachine (>= 1.0.0)
      rack (>= 1.5.0)
    thread_safe (0.1.3)
      atomic
    thrift (0.9.1)
    tzinfo (1.1.0)
      thread_safe (~> 0.1)

PLATFORMS
  ruby

DEPENDENCIES
  massive_record!
  rspec
