PATH
  remote: .
  specs:
    massive_record (0.2.3)
      activemodel (~> 3.2.6)
      activesupport (~> 3.2.6)
      memoist
      thrift (~> 0.8.0)
      tzinfo

GEM
  remote: http://rubygems.org/
  specs:
    activemodel (3.2.7)
      activesupport (= 3.2.7)
      builder (~> 3.0.0)
    activesupport (3.2.7)
      i18n (~> 0.6)
      multi_json (~> 1.0)
    builder (3.0.0)
    diff-lcs (1.1.3)
    i18n (0.6.0)
    memoist (0.1.0)
    multi_json (1.3.6)
    rspec (2.11.0)
      rspec-core (~> 2.11.0)
      rspec-expectations (~> 2.11.0)
      rspec-mocks (~> 2.11.0)
    rspec-core (2.11.1)
    rspec-expectations (2.11.2)
      diff-lcs (~> 1.1.3)
    rspec-mocks (2.11.1)
    thrift (0.8.0)
    tzinfo (0.3.33)

PLATFORMS
  ruby

DEPENDENCIES
  massive_record!
  rspec
