PATH
  remote: .
  specs:
    massive_record (0.2.1)
      activemodel
      activesupport
      thrift (>= 0.5.0)
      tzinfo

GEM
  remote: http://rubygems.org/
  specs:
    activemodel (3.0.7)
      activesupport (= 3.0.7)
      builder (~> 2.1.2)
      i18n (~> 0.5.0)
    activesupport (3.0.7)
    builder (2.1.2)
    diff-lcs (1.1.2)
    i18n (0.5.0)
    rspec (2.5.0)
      rspec-core (~> 2.5.0)
      rspec-expectations (~> 2.5.0)
      rspec-mocks (~> 2.5.0)
    rspec-core (2.5.2)
    rspec-expectations (2.5.0)
      diff-lcs (~> 1.1.2)
    rspec-mocks (2.5.0)
    thrift (0.6.0)
    tzinfo (0.3.27)

PLATFORMS
  ruby

DEPENDENCIES
  massive_record!
  rspec (>= 2.1.0)
